GEM
  remote: https://rubygems.org/
  specs:
    dogapi (1.11.0)
      json (>= 1.5.1)
    faraday (0.9.0)
      multipart-post (>= 1.2, < 3)
    json (1.8.1)
    multipart-post (2.0.0)
    puma (2.9.2)
      rack (>= 1.1, < 2.0)
    rack (1.5.2)
    rack-protection (1.5.3)
      rack
    sinatra (1.4.5)
      rack (~> 1.4)
      rack-protection (~> 1.4)
      tilt (~> 1.3, >= 1.3.4)
    tilt (1.4.1)

PLATFORMS
  ruby

DEPENDENCIES
  dogapi
  faraday
  puma
  sinatra
