GEM
  remote: https://rubygems.org/
  specs:
    dogapi (1.11.0)
      json (>= 1.5.1)
    json (1.8.1)

PLATFORMS
  ruby

DEPENDENCIES
  dogapi
